GEM
  remote: https://rubygems.org/
  specs:
    animation-studio (0.1.6)
      compass (>= 0.13.alpha.4)
      sass (>= 3.2.3)
    breakpoint (2.3.1)
      compass (~> 1.0.0.alpha.13)
      sass (~> 3.3.0.rc.2)
    chunky_png (1.3.11)
    compass (1.0.3)
      chunky_png (~> 1.2)
      compass-core (~> 1.0.2)
      compass-import-once (~> 1.0.5)
      rb-fsevent (>= 0.9.3)
      rb-inotify (>= 0.9)
      sass (>= 3.3.13, < 3.5)
    compass-core (1.0.3)
      multi_json (~> 1.0)
      sass (>= 3.3.0, < 3.5)
    compass-import-once (1.0.5)
      sass (>= 3.2, < 3.5)
    ffi (1.12.2)
    multi_json (1.14.1)
    rb-fsevent (0.10.4)
    rb-inotify (0.10.1)
      ffi (~> 1.0)
    sass (3.3.14)

PLATFORMS
  ruby

DEPENDENCIES
  animation-studio (~> 0.1.6)
  breakpoint (~> 2.3.0)
  rb-fsevent (~> 0.9)

BUNDLED WITH
   1.17.3
